STORAGE: NONE
RESTRICTION: || (== net48) (== netcoreapp3.0) (== netstandard2.0) (== netstandard2.1)
NUGET
  remote: https://api.nuget.org/v3/index.json
    FParsec (1.1)
      FSharp.Core (>= 4.3.4)
      System.ValueTuple (>= 4.4) - restriction: || (== net48) (&& (== netcoreapp3.0) (>= net45)) (&& (== netstandard2.0) (>= net45)) (&& (== netstandard2.1) (>= net45))
    FsCheck (2.14)
      FSharp.Core (>= 4.2.3)
    FsCheck.Xunit (2.14)
      FsCheck (2.14)
      xunit.extensibility.execution (>= 2.2 < 3.0)
    FSharp.Core (4.7)
    MathNet.Numerics (4.9)
    MathNet.Numerics.FSharp (4.9)
      FSharp.Core (>= 4.3.3)
      MathNet.Numerics (>= 4.9)
      System.Runtime (>= 4.3) - restriction: || (&& (== net48) (< net45)) (== netcoreapp3.0) (== netstandard2.0) (== netstandard2.1)
      System.Runtime.Numerics (>= 4.3) - restriction: || (&& (== net48) (< net45)) (== netcoreapp3.0) (== netstandard2.0) (== netstandard2.1)
      System.Security.Cryptography.Algorithms (>= 4.3.1) - restriction: || (&& (== net48) (< net45)) (== netcoreapp3.0) (== netstandard2.0) (== netstandard2.1)
    MathNet.Symbolics (0.20)
      FParsec (>= 1.0.3)
      FSharp.Core (>= 4.3.3)
      MathNet.Numerics (>= 4.7)
      MathNet.Numerics.FSharp (>= 4.7)
    Microsoft.NETCore.Platforms (3.1) - restriction: || (&& (== net48) (< net45)) (== netcoreapp3.0) (== netstandard2.0) (== netstandard2.1)
    Microsoft.NETCore.Targets (3.1) - restriction: || (&& (== net48) (< net45)) (== netcoreapp3.0) (== netstandard2.0) (== netstandard2.1)
    NAudio (1.9)
    NETStandard.Library (2.0.3) - restriction: || (&& (== net48) (< net40)) (== netcoreapp3.0) (== netstandard2.0) (== netstandard2.1)
      Microsoft.NETCore.Platforms (>= 1.1)
    runtime.debian.8-x64.runtime.native.System.Security.Cryptography.OpenSsl (4.3.3) - restriction: || (&& (== net48) (< net45)) (== netcoreapp3.0) (== netstandard2.0) (== netstandard2.1)
    runtime.debian.9-x64.runtime.native.System.Security.Cryptography.OpenSsl (4.3.3) - restriction: || (&& (== net48) (< net45)) (== netcoreapp3.0) (== netstandard2.0) (== netstandard2.1)
    runtime.fedora.23-x64.runtime.native.System.Security.Cryptography.OpenSsl (4.3.3) - restriction: || (&& (== net48) (< net45)) (== netcoreapp3.0) (== netstandard2.0) (== netstandard2.1)
    runtime.fedora.24-x64.runtime.native.System.Security.Cryptography.OpenSsl (4.3.3) - restriction: || (&& (== net48) (< net45)) (== netcoreapp3.0) (== netstandard2.0) (== netstandard2.1)
    runtime.fedora.27-x64.runtime.native.System.Security.Cryptography.OpenSsl (4.3.3) - restriction: || (&& (== net48) (< net45)) (== netcoreapp3.0) (== netstandard2.0) (== netstandard2.1)
    runtime.fedora.28-x64.runtime.native.System.Security.Cryptography.OpenSsl (4.3.3) - restriction: || (&& (== net48) (< net45)) (== netcoreapp3.0) (== netstandard2.0) (== netstandard2.1)
    runtime.native.System.Security.Cryptography.Apple (4.3.1) - restriction: || (&& (== net48) (< net45)) (== netcoreapp3.0) (== netstandard2.0) (== netstandard2.1)
      runtime.osx.10.10-x64.runtime.native.System.Security.Cryptography.Apple (>= 4.3.1)
    runtime.native.System.Security.Cryptography.OpenSsl (4.3.3) - restriction: || (&& (== net48) (< net45)) (== netcoreapp3.0) (== netstandard2.0) (== netstandard2.1)
      runtime.debian.8-x64.runtime.native.System.Security.Cryptography.OpenSsl (>= 4.3.3)
      runtime.debian.9-x64.runtime.native.System.Security.Cryptography.OpenSsl (>= 4.3.3)
      runtime.fedora.23-x64.runtime.native.System.Security.Cryptography.OpenSsl (>= 4.3.3)
      runtime.fedora.24-x64.runtime.native.System.Security.Cryptography.OpenSsl (>= 4.3.3)
      runtime.fedora.27-x64.runtime.native.System.Security.Cryptography.OpenSsl (>= 4.3.3)
      runtime.fedora.28-x64.runtime.native.System.Security.Cryptography.OpenSsl (>= 4.3.3)
      runtime.opensuse.13.2-x64.runtime.native.System.Security.Cryptography.OpenSsl (>= 4.3.3)
      runtime.opensuse.42.1-x64.runtime.native.System.Security.Cryptography.OpenSsl (>= 4.3.3)
      runtime.opensuse.42.3-x64.runtime.native.System.Security.Cryptography.OpenSsl (>= 4.3.3)
      runtime.osx.10.10-x64.runtime.native.System.Security.Cryptography.OpenSsl (>= 4.3.3)
      runtime.rhel.7-x64.runtime.native.System.Security.Cryptography.OpenSsl (>= 4.3.3)
      runtime.ubuntu.14.04-x64.runtime.native.System.Security.Cryptography.OpenSsl (>= 4.3.3)
      runtime.ubuntu.16.04-x64.runtime.native.System.Security.Cryptography.OpenSsl (>= 4.3.3)
      runtime.ubuntu.16.10-x64.runtime.native.System.Security.Cryptography.OpenSsl (>= 4.3.3)
      runtime.ubuntu.18.04-x64.runtime.native.System.Security.Cryptography.OpenSsl (>= 4.3.3)
    runtime.opensuse.13.2-x64.runtime.native.System.Security.Cryptography.OpenSsl (4.3.3) - restriction: || (&& (== net48) (< net45)) (== netcoreapp3.0) (== netstandard2.0) (== netstandard2.1)
    runtime.opensuse.42.1-x64.runtime.native.System.Security.Cryptography.OpenSsl (4.3.3) - restriction: || (&& (== net48) (< net45)) (== netcoreapp3.0) (== netstandard2.0) (== netstandard2.1)
    runtime.opensuse.42.3-x64.runtime.native.System.Security.Cryptography.OpenSsl (4.3.3) - restriction: || (&& (== net48) (< net45)) (== netcoreapp3.0) (== netstandard2.0) (== netstandard2.1)
    runtime.osx.10.10-x64.runtime.native.System.Security.Cryptography.Apple (4.3.1) - restriction: || (&& (== net48) (< net45)) (== netcoreapp3.0) (== netstandard2.0) (== netstandard2.1)
    runtime.osx.10.10-x64.runtime.native.System.Security.Cryptography.OpenSsl (4.3.3) - restriction: || (&& (== net48) (< net45)) (== netcoreapp3.0) (== netstandard2.0) (== netstandard2.1)
    runtime.rhel.7-x64.runtime.native.System.Security.Cryptography.OpenSsl (4.3.3) - restriction: || (&& (== net48) (< net45)) (== netcoreapp3.0) (== netstandard2.0) (== netstandard2.1)
    runtime.ubuntu.14.04-x64.runtime.native.System.Security.Cryptography.OpenSsl (4.3.3) - restriction: || (&& (== net48) (< net45)) (== netcoreapp3.0) (== netstandard2.0) (== netstandard2.1)
    runtime.ubuntu.16.04-x64.runtime.native.System.Security.Cryptography.OpenSsl (4.3.3) - restriction: || (&& (== net48) (< net45)) (== netcoreapp3.0) (== netstandard2.0) (== netstandard2.1)
    runtime.ubuntu.16.10-x64.runtime.native.System.Security.Cryptography.OpenSsl (4.3.3) - restriction: || (&& (== net48) (< net45)) (== netcoreapp3.0) (== netstandard2.0) (== netstandard2.1)
    runtime.ubuntu.18.04-x64.runtime.native.System.Security.Cryptography.OpenSsl (4.3.3) - restriction: || (&& (== net48) (< net45)) (== netcoreapp3.0) (== netstandard2.0) (== netstandard2.1)
    SharpDX (4.2)
    SharpDX.D3DCompiler (4.2)
      NETStandard.Library (>= 1.6.1) - restriction: || (&& (== net48) (< net40)) (== netcoreapp3.0) (== netstandard2.0) (== netstandard2.1)
      SharpDX (>= 4.2)
    SharpDX.Desktop (4.2)
      SharpDX (>= 4.2) - restriction: || (== net48) (&& (== netcoreapp3.0) (>= net40)) (&& (== netstandard2.0) (>= net40)) (&& (== netstandard2.1) (>= net40))
    SharpDX.Direct2D1 (4.2)
      NETStandard.Library (>= 1.6.1) - restriction: || (&& (== net48) (< net40)) (== netcoreapp3.0) (== netstandard2.0) (== netstandard2.1)
      SharpDX (>= 4.2)
      SharpDX.DXGI (>= 4.2)
    SharpDX.Direct3D10 (4.2)
      NETStandard.Library (>= 1.6.1) - restriction: || (&& (== net48) (< net40)) (== netcoreapp3.0) (== netstandard2.0) (== netstandard2.1)
      SharpDX (>= 4.2)
      SharpDX.D3DCompiler (>= 4.2)
      SharpDX.DXGI (>= 4.2)
    SharpDX.DXGI (4.2)
      NETStandard.Library (>= 1.6.1) - restriction: || (&& (== net48) (< net40)) (== netcoreapp3.0) (== netstandard2.0) (== netstandard2.1)
      SharpDX (>= 4.2)
    SharpDX.Mathematics (4.2)
      NETStandard.Library (>= 1.6.1) - restriction: || (&& (== net48) (< net40)) (== netcoreapp3.0) (== netstandard2.0) (== netstandard2.1)
      SharpDX (>= 4.2)
    System.Collections (4.3) - restriction: || (&& (== net48) (< net45)) (== netcoreapp3.0) (== netstandard2.0) (== netstandard2.1)
      Microsoft.NETCore.Platforms (>= 1.1) - restriction: || (&& (== net48) (< net45)) (== netcoreapp3.0) (== netstandard2.0) (== netstandard2.1)
      Microsoft.NETCore.Targets (>= 1.1) - restriction: || (&& (== net48) (< net45)) (== netcoreapp3.0) (== netstandard2.0) (== netstandard2.1)
      System.Runtime (>= 4.3) - restriction: || (&& (== net48) (< net45)) (== netcoreapp3.0) (== netstandard2.0) (== netstandard2.1)
    System.Collections.Concurrent (4.3) - restriction: || (&& (== net48) (< net45)) (== netcoreapp3.0) (== netstandard2.0) (== netstandard2.1)
      System.Collections (>= 4.3) - restriction: || (&& (== net48) (< net45)) (== netcoreapp3.0) (== netstandard2.0) (== netstandard2.1)
      System.Diagnostics.Debug (>= 4.3) - restriction: || (&& (== net48) (< net45)) (== netcoreapp3.0) (== netstandard2.0) (== netstandard2.1)
      System.Diagnostics.Tracing (>= 4.3) - restriction: || (&& (== net48) (< net45)) (== netcoreapp3.0) (== netstandard2.0) (== netstandard2.1)
      System.Globalization (>= 4.3) - restriction: || (&& (== net48) (< net45)) (== netcoreapp3.0) (== netstandard2.0) (== netstandard2.1)
      System.Reflection (>= 4.3) - restriction: || (&& (== net48) (< net45)) (== netcoreapp3.0) (== netstandard2.0) (== netstandard2.1)
      System.Resources.ResourceManager (>= 4.3) - restriction: || (&& (== net48) (< net45)) (== netcoreapp3.0) (== netstandard2.0) (== netstandard2.1)
      System.Runtime (>= 4.3) - restriction: || (&& (== net48) (< net45)) (== netcoreapp3.0) (== netstandard2.0) (== netstandard2.1)
      System.Runtime.Extensions (>= 4.3) - restriction: || (&& (== net48) (< net45)) (== netcoreapp3.0) (== netstandard2.0) (== netstandard2.1)
      System.Threading (>= 4.3) - restriction: || (&& (== net48) (< net45)) (== netcoreapp3.0) (== netstandard2.0) (== netstandard2.1)
      System.Threading.Tasks (>= 4.3) - restriction: || (&& (== net48) (< net45)) (== netcoreapp3.0) (== netstandard2.0) (== netstandard2.1)
    System.Diagnostics.Debug (4.3) - restriction: || (&& (== net48) (< net45)) (== netcoreapp3.0) (== netstandard2.0) (== netstandard2.1)
      Microsoft.NETCore.Platforms (>= 1.1) - restriction: || (&& (== net48) (< net45)) (== netcoreapp3.0) (== netstandard2.0) (== netstandard2.1)
      Microsoft.NETCore.Targets (>= 1.1) - restriction: || (&& (== net48) (< net45)) (== netcoreapp3.0) (== netstandard2.0) (== netstandard2.1)
      System.Runtime (>= 4.3) - restriction: || (&& (== net48) (< net45)) (== netcoreapp3.0) (== netstandard2.0) (== netstandard2.1)
    System.Diagnostics.Tracing (4.3) - restriction: || (&& (== net48) (< net45)) (== netcoreapp3.0) (== netstandard2.0) (== netstandard2.1)
      Microsoft.NETCore.Platforms (>= 1.1) - restriction: || (&& (== net48) (< net45)) (== netcoreapp3.0) (== netstandard2.0) (== netstandard2.1)
      Microsoft.NETCore.Targets (>= 1.1) - restriction: || (&& (== net48) (< net45)) (== netcoreapp3.0) (== netstandard2.0) (== netstandard2.1)
      System.Runtime (>= 4.3) - restriction: || (&& (== net48) (< net45)) (== netcoreapp3.0) (== netstandard2.0) (== netstandard2.1)
    System.Globalization (4.3) - restriction: || (&& (== net48) (< net45)) (== netcoreapp3.0) (== netstandard2.0) (== netstandard2.1)
      Microsoft.NETCore.Platforms (>= 1.1) - restriction: || (&& (== net48) (< net45)) (== netcoreapp3.0) (== netstandard2.0) (== netstandard2.1)
      Microsoft.NETCore.Targets (>= 1.1) - restriction: || (&& (== net48) (< net45)) (== netcoreapp3.0) (== netstandard2.0) (== netstandard2.1)
      System.Runtime (>= 4.3) - restriction: || (&& (== net48) (< net45)) (== netcoreapp3.0) (== netstandard2.0) (== netstandard2.1)
    System.IO (4.3) - restriction: || (&& (== net48) (< net45)) (== netcoreapp3.0) (== netstandard2.0) (== netstandard2.1)
      Microsoft.NETCore.Platforms (>= 1.1) - restriction: || (&& (== net48) (< net45)) (== netcoreapp3.0) (== netstandard2.0) (== netstandard2.1)
      Microsoft.NETCore.Targets (>= 1.1) - restriction: || (&& (== net48) (< net45)) (== netcoreapp3.0) (== netstandard2.0) (== netstandard2.1)
      System.Runtime (>= 4.3) - restriction: || (&& (== net48) (< net45)) (== netcoreapp3.0) (== netstandard2.0) (== netstandard2.1)
      System.Text.Encoding (>= 4.3) - restriction: || (&& (== net48) (< net45)) (== netcoreapp3.0) (== netstandard2.0) (== netstandard2.1)
      System.Threading.Tasks (>= 4.3) - restriction: || (&& (== net48) (< net45)) (== netcoreapp3.0) (== netstandard2.0) (== netstandard2.1)
    System.Linq (4.3) - restriction: || (&& (== net48) (< net45)) (== netcoreapp3.0) (== netstandard2.0) (== netstandard2.1)
      System.Collections (>= 4.3) - restriction: || (&& (== net48) (< net45)) (== netcoreapp3.0) (== netstandard2.0) (== netstandard2.1)
      System.Diagnostics.Debug (>= 4.3) - restriction: || (&& (== net48) (< net45)) (== netcoreapp3.0) (== netstandard2.0) (== netstandard2.1)
      System.Resources.ResourceManager (>= 4.3) - restriction: || (&& (== net48) (< net45)) (== netcoreapp3.0) (== netstandard2.0) (== netstandard2.1)
      System.Runtime (>= 4.3) - restriction: || (&& (== net48) (< net45)) (== netcoreapp3.0) (== netstandard2.0) (== netstandard2.1)
      System.Runtime.Extensions (>= 4.3) - restriction: || (&& (== net48) (< net45)) (== netcoreapp3.0) (== netstandard2.0) (== netstandard2.1)
    System.Reflection (4.3) - restriction: || (&& (== net48) (< net45)) (== netcoreapp3.0) (== netstandard2.0) (== netstandard2.1)
      Microsoft.NETCore.Platforms (>= 1.1) - restriction: || (&& (== net48) (< net45)) (== netcoreapp3.0) (== netstandard2.0) (== netstandard2.1)
      Microsoft.NETCore.Targets (>= 1.1) - restriction: || (&& (== net48) (< net45)) (== netcoreapp3.0) (== netstandard2.0) (== netstandard2.1)
      System.IO (>= 4.3) - restriction: || (&& (== net48) (< net45)) (== netcoreapp3.0) (== netstandard2.0) (== netstandard2.1)
      System.Reflection.Primitives (>= 4.3) - restriction: || (&& (== net48) (< net45)) (== netcoreapp3.0) (== netstandard2.0) (== netstandard2.1)
      System.Runtime (>= 4.3) - restriction: || (&& (== net48) (< net45)) (== netcoreapp3.0) (== netstandard2.0) (== netstandard2.1)
    System.Reflection.Primitives (4.3) - restriction: || (&& (== net48) (< net45)) (&& (== net48) (>= netcoreapp1.1)) (== netcoreapp3.0) (== netstandard2.0) (== netstandard2.1)
      Microsoft.NETCore.Platforms (>= 1.1) - restriction: || (&& (== net48) (< net45)) (== netcoreapp3.0) (== netstandard2.0) (== netstandard2.1)
      Microsoft.NETCore.Targets (>= 1.1) - restriction: || (&& (== net48) (< net45)) (== netcoreapp3.0) (== netstandard2.0) (== netstandard2.1)
      System.Runtime (>= 4.3) - restriction: || (&& (== net48) (< net45)) (== netcoreapp3.0) (== netstandard2.0) (== netstandard2.1)
    System.Resources.ResourceManager (4.3) - restriction: || (&& (== net48) (< net45)) (== netcoreapp3.0) (== netstandard2.0) (== netstandard2.1)
      Microsoft.NETCore.Platforms (>= 1.1) - restriction: || (&& (== net48) (< net45)) (== netcoreapp3.0) (== netstandard2.0) (== netstandard2.1)
      Microsoft.NETCore.Targets (>= 1.1) - restriction: || (&& (== net48) (< net45)) (== netcoreapp3.0) (== netstandard2.0) (== netstandard2.1)
      System.Globalization (>= 4.3) - restriction: || (&& (== net48) (< net45)) (== netcoreapp3.0) (== netstandard2.0) (== netstandard2.1)
      System.Reflection (>= 4.3) - restriction: || (&& (== net48) (< net45)) (== netcoreapp3.0) (== netstandard2.0) (== netstandard2.1)
      System.Runtime (>= 4.3) - restriction: || (&& (== net48) (< net45)) (== netcoreapp3.0) (== netstandard2.0) (== netstandard2.1)
    System.Runtime (4.3.1) - restriction: || (&& (== net48) (< net45)) (== netcoreapp3.0) (== netstandard2.0) (== netstandard2.1)
      Microsoft.NETCore.Platforms (>= 1.1.1) - restriction: || (&& (== net48) (< net45)) (== netcoreapp3.0) (== netstandard2.0) (== netstandard2.1)
      Microsoft.NETCore.Targets (>= 1.1.3) - restriction: || (&& (== net48) (< net45)) (== netcoreapp3.0) (== netstandard2.0) (== netstandard2.1)
    System.Runtime.Extensions (4.3.1) - restriction: || (&& (== net48) (< net45)) (== netcoreapp3.0) (== netstandard2.0) (== netstandard2.1)
      Microsoft.NETCore.Platforms (>= 1.1.1) - restriction: || (&& (== net48) (< net45)) (== netcoreapp3.0) (== netstandard2.0) (== netstandard2.1)
      Microsoft.NETCore.Targets (>= 1.1.3) - restriction: || (&& (== net48) (< net45)) (== netcoreapp3.0) (== netstandard2.0) (== netstandard2.1)
      System.Runtime (>= 4.3.1) - restriction: || (&& (== net48) (< net45)) (== netcoreapp3.0) (== netstandard2.0) (== netstandard2.1)
    System.Runtime.Handles (4.3) - restriction: || (&& (== net48) (< net45)) (== netcoreapp3.0) (== netstandard2.0) (== netstandard2.1)
      Microsoft.NETCore.Platforms (>= 1.1) - restriction: || (&& (== net48) (< net46)) (== netcoreapp3.0) (== netstandard2.0) (== netstandard2.1)
      Microsoft.NETCore.Targets (>= 1.1) - restriction: || (&& (== net48) (< net46)) (== netcoreapp3.0) (== netstandard2.0) (== netstandard2.1)
      System.Runtime (>= 4.3) - restriction: || (&& (== net48) (< net46)) (== netcoreapp3.0) (== netstandard2.0) (== netstandard2.1)
    System.Runtime.InteropServices (4.3) - restriction: || (&& (== net48) (< net45)) (== netcoreapp3.0) (== netstandard2.0) (== netstandard2.1)
      Microsoft.NETCore.Platforms (>= 1.1) - restriction: || (&& (== net48) (< net45)) (&& (== net48) (>= netcoreapp1.1)) (== netcoreapp3.0) (== netstandard2.0) (== netstandard2.1)
      Microsoft.NETCore.Targets (>= 1.1) - restriction: || (&& (== net48) (< net45)) (&& (== net48) (>= netcoreapp1.1)) (== netcoreapp3.0) (== netstandard2.0) (== netstandard2.1)
      System.Reflection (>= 4.3) - restriction: || (&& (== net48) (< net45)) (&& (== net48) (>= netcoreapp1.1)) (== netcoreapp3.0) (== netstandard2.0) (== netstandard2.1)
      System.Reflection.Primitives (>= 4.3) - restriction: || (&& (== net48) (< net45)) (&& (== net48) (>= netcoreapp1.1)) (== netcoreapp3.0) (== netstandard2.0) (== netstandard2.1)
      System.Runtime (>= 4.3)
      System.Runtime.Handles (>= 4.3) - restriction: || (&& (== net48) (< net45)) (&& (== net48) (>= netcoreapp1.1)) (== netcoreapp3.0) (== netstandard2.0) (== netstandard2.1)
    System.Runtime.Numerics (4.3) - restriction: || (&& (== net48) (< net45)) (== netcoreapp3.0) (== netstandard2.0) (== netstandard2.1)
      System.Globalization (>= 4.3) - restriction: || (&& (== net48) (< net45)) (== netcoreapp3.0) (== netstandard2.0) (== netstandard2.1)
      System.Resources.ResourceManager (>= 4.3) - restriction: || (&& (== net48) (< net45)) (== netcoreapp3.0) (== netstandard2.0) (== netstandard2.1)
      System.Runtime (>= 4.3) - restriction: || (&& (== net48) (< net45)) (== netcoreapp3.0) (== netstandard2.0) (== netstandard2.1)
      System.Runtime.Extensions (>= 4.3) - restriction: || (&& (== net48) (< net45)) (== netcoreapp3.0) (== netstandard2.0) (== netstandard2.1)
    System.Security.Cryptography.Algorithms (4.3.1) - restriction: || (&& (== net48) (< net45)) (== netcoreapp3.0) (== netstandard2.0) (== netstandard2.1)
      Microsoft.NETCore.Platforms (>= 1.1) - restriction: || (&& (== net48) (< net46)) (== netcoreapp3.0) (== netstandard2.0) (== netstandard2.1)
      runtime.native.System.Security.Cryptography.Apple (>= 4.3.1) - restriction: || (&& (== net48) (< net46)) (== netcoreapp3.0) (== netstandard2.0) (== netstandard2.1)
      runtime.native.System.Security.Cryptography.OpenSsl (>= 4.3.2) - restriction: || (&& (== net48) (< net46)) (== netcoreapp3.0) (== netstandard2.0) (== netstandard2.1)
      System.Collections (>= 4.3) - restriction: || (&& (== net48) (< net46)) (== netcoreapp3.0) (== netstandard2.0) (== netstandard2.1)
      System.IO (>= 4.3)
      System.Resources.ResourceManager (>= 4.3) - restriction: || (&& (== net48) (< net46)) (== netcoreapp3.0) (== netstandard2.0) (== netstandard2.1)
      System.Runtime (>= 4.3)
      System.Runtime.Extensions (>= 4.3) - restriction: || (&& (== net48) (< net46)) (== netcoreapp3.0) (== netstandard2.0) (== netstandard2.1)
      System.Runtime.Handles (>= 4.3) - restriction: || (&& (== net48) (< net46)) (== netcoreapp3.0) (== netstandard2.0) (== netstandard2.1)
      System.Runtime.InteropServices (>= 4.3) - restriction: || (&& (== net48) (< net46)) (== netcoreapp3.0) (== netstandard2.0) (== netstandard2.1)
      System.Runtime.Numerics (>= 4.3) - restriction: || (&& (== net48) (< net46)) (== netcoreapp3.0) (== netstandard2.0) (== netstandard2.1)
      System.Security.Cryptography.Encoding (>= 4.3)
      System.Security.Cryptography.Primitives (>= 4.3)
      System.Text.Encoding (>= 4.3) - restriction: || (&& (== net48) (< net46)) (== netcoreapp3.0) (== netstandard2.0) (== netstandard2.1)
    System.Security.Cryptography.Encoding (4.3) - restriction: || (&& (== net48) (< net45)) (== netcoreapp3.0) (== netstandard2.0) (== netstandard2.1)
      Microsoft.NETCore.Platforms (>= 1.1) - restriction: || (&& (== net48) (< net46)) (== netcoreapp3.0) (== netstandard2.0) (== netstandard2.1)
      runtime.native.System.Security.Cryptography.OpenSsl (>= 4.3) - restriction: || (&& (== net48) (< net46)) (== netcoreapp3.0) (== netstandard2.0) (== netstandard2.1)
      System.Collections (>= 4.3) - restriction: || (&& (== net48) (< net46)) (== netcoreapp3.0) (== netstandard2.0) (== netstandard2.1)
      System.Collections.Concurrent (>= 4.3) - restriction: || (&& (== net48) (< net46)) (== netcoreapp3.0) (== netstandard2.0) (== netstandard2.1)
      System.Linq (>= 4.3) - restriction: || (&& (== net48) (< net46)) (== netcoreapp3.0) (== netstandard2.0) (== netstandard2.1)
      System.Resources.ResourceManager (>= 4.3) - restriction: || (&& (== net48) (< net46)) (== netcoreapp3.0) (== netstandard2.0) (== netstandard2.1)
      System.Runtime (>= 4.3) - restriction: || (&& (== net48) (< net46)) (== netcoreapp3.0) (== netstandard2.0) (== netstandard2.1)
      System.Runtime.Extensions (>= 4.3) - restriction: || (&& (== net48) (< net46)) (== netcoreapp3.0) (== netstandard2.0) (== netstandard2.1)
      System.Runtime.Handles (>= 4.3) - restriction: || (&& (== net48) (< net46)) (== netcoreapp3.0) (== netstandard2.0) (== netstandard2.1)
      System.Runtime.InteropServices (>= 4.3) - restriction: || (&& (== net48) (< net46)) (== netcoreapp3.0) (== netstandard2.0) (== netstandard2.1)
      System.Security.Cryptography.Primitives (>= 4.3) - restriction: || (&& (== net48) (< net46)) (== netcoreapp3.0) (== netstandard2.0) (== netstandard2.1)
      System.Text.Encoding (>= 4.3) - restriction: || (&& (== net48) (< net46)) (== netcoreapp3.0) (== netstandard2.0) (== netstandard2.1)
    System.Security.Cryptography.Primitives (4.3) - restriction: || (&& (== net48) (< net45)) (== netcoreapp3.0) (== netstandard2.0) (== netstandard2.1)
      System.Diagnostics.Debug (>= 4.3) - restriction: || (&& (== net48) (< net46)) (== netcoreapp3.0) (== netstandard2.0) (== netstandard2.1)
      System.Globalization (>= 4.3) - restriction: || (&& (== net48) (< net46)) (== netcoreapp3.0) (== netstandard2.0) (== netstandard2.1)
      System.IO (>= 4.3) - restriction: || (&& (== net48) (< net46)) (== netcoreapp3.0) (== netstandard2.0) (== netstandard2.1)
      System.Resources.ResourceManager (>= 4.3) - restriction: || (&& (== net48) (< net46)) (== netcoreapp3.0) (== netstandard2.0) (== netstandard2.1)
      System.Runtime (>= 4.3) - restriction: || (&& (== net48) (< net46)) (== netcoreapp3.0) (== netstandard2.0) (== netstandard2.1)
      System.Threading (>= 4.3) - restriction: || (&& (== net48) (< net46)) (== netcoreapp3.0) (== netstandard2.0) (== netstandard2.1)
      System.Threading.Tasks (>= 4.3) - restriction: || (&& (== net48) (< net46)) (== netcoreapp3.0) (== netstandard2.0) (== netstandard2.1)
    System.Text.Encoding (4.3) - restriction: || (&& (== net48) (< net45)) (== netcoreapp3.0) (== netstandard2.0) (== netstandard2.1)
      Microsoft.NETCore.Platforms (>= 1.1) - restriction: || (&& (== net48) (< net45)) (== netcoreapp3.0) (== netstandard2.0) (== netstandard2.1)
      Microsoft.NETCore.Targets (>= 1.1) - restriction: || (&& (== net48) (< net45)) (== netcoreapp3.0) (== netstandard2.0) (== netstandard2.1)
      System.Runtime (>= 4.3) - restriction: || (&& (== net48) (< net45)) (== netcoreapp3.0) (== netstandard2.0) (== netstandard2.1)
    System.Threading (4.3) - restriction: || (&& (== net48) (< net45)) (== netcoreapp3.0) (== netstandard2.0) (== netstandard2.1)
      System.Runtime (>= 4.3) - restriction: || (&& (== net48) (< net45)) (== netcoreapp3.0) (== netstandard2.0) (== netstandard2.1)
      System.Threading.Tasks (>= 4.3) - restriction: || (&& (== net48) (< net45)) (== netcoreapp3.0) (== netstandard2.0) (== netstandard2.1)
    System.Threading.Tasks (4.3) - restriction: || (&& (== net48) (< net45)) (== netcoreapp3.0) (== netstandard2.0) (== netstandard2.1)
      Microsoft.NETCore.Platforms (>= 1.1) - restriction: || (&& (== net48) (< net45)) (== netcoreapp3.0) (== netstandard2.0) (== netstandard2.1)
      Microsoft.NETCore.Targets (>= 1.1) - restriction: || (&& (== net48) (< net45)) (== netcoreapp3.0) (== netstandard2.0) (== netstandard2.1)
      System.Runtime (>= 4.3) - restriction: || (&& (== net48) (< net45)) (== netcoreapp3.0) (== netstandard2.0) (== netstandard2.1)
    System.ValueTuple (4.5) - restriction: || (== net48) (&& (== netcoreapp3.0) (>= net45)) (&& (== netstandard2.0) (>= net45)) (&& (== netstandard2.1) (>= net45))
    System.Windows.Forms (4.0)
    xunit.abstractions (2.0.3)
    xunit.extensibility.core (2.4.1)
      NETStandard.Library (>= 1.6.1) - restriction: || (&& (== net48) (< net452)) (== netcoreapp3.0) (== netstandard2.0) (== netstandard2.1)
      xunit.abstractions (>= 2.0.3)
    xunit.extensibility.execution (2.4.1)
      NETStandard.Library (>= 1.6.1) - restriction: || (&& (== net48) (< net452)) (== netcoreapp3.0) (== netstandard2.0) (== netstandard2.1)
      xunit.extensibility.core (2.4.1)
